GEM
  remote: https://rubygems.org/
  specs:
    celluloid (0.12.3)
      facter (>= 1.6.12)
      timers (>= 1.0.0)
    diff-lcs (1.1.3)
    facter (1.6.14)
    flexmock (1.1.0)
    rake (10.0.3)
    rspec (2.11.0)
      rspec-core (~> 2.11.0)
      rspec-expectations (~> 2.11.0)
      rspec-mocks (~> 2.11.0)
    rspec-core (2.11.1)
    rspec-expectations (2.11.3)
      diff-lcs (~> 1.1.3)
    rspec-given (2.1.0)
      rspec (> 1.2.8)
    rspec-mocks (2.11.3)
    timers (1.0.1)

PLATFORMS
  ruby

DEPENDENCIES
  celluloid
  flexmock
  rake
  rspec-given
